GEM
  remote: https://rubygems.org/
  specs:
    sorbet (0.4.3784)
      sorbet-static (= 0.4.3784)
    sorbet-runtime (0.4.3784)
    sorbet-static (0.4.3784-universal-darwin-18)

PLATFORMS
  ruby

DEPENDENCIES
  sorbet
  sorbet-runtime

BUNDLED WITH
   2.0.1
